GEM
  remote: https://rubygems.org/
  specs:
    chronic (0.10.2)
    colorize (0.7.7)
    icalendar (2.3.0)
    thor (0.19.1)

PLATFORMS
  ruby

DEPENDENCIES
  chronic (= 0.10.2)
  colorize (= 0.7.7)
  icalendar (= 2.3.0)
  thor (= 0.19.1)
